GEM
  remote: https://rubygems.org/
  specs:
    mini_portile2 (2.8.0)
    nokogiri (1.13.2)
      mini_portile2 (~> 2.8.0)
      racc (~> 1.4)
    racc (1.6.0)
    rdoc (6.0.1)

PLATFORMS
  ruby

DEPENDENCIES
  nokogiri
  rdoc

BUNDLED WITH
   1.15.4
