GEM
  remote: https://rubygems.org/
  specs:
    mini_portile2 (2.4.0)
    nokogiri (1.10.8)
      mini_portile2 (~> 2.4.0)
    rdoc (6.0.1)

PLATFORMS
  ruby

DEPENDENCIES
  nokogiri
  rdoc

BUNDLED WITH
   1.15.4
