GEM
  remote: https://rubygems.org/
  specs:
    mini_portile2 (2.5.1)
    nokogiri (1.11.4)
      mini_portile2 (~> 2.5.0)
      racc (~> 1.4)
    racc (1.5.2)
    rdoc (6.0.1)

PLATFORMS
  ruby

DEPENDENCIES
  nokogiri
  rdoc

BUNDLED WITH
   1.15.4
